GEM
  remote: https://rubygems.org/
  specs:
    aws-eventstream (1.2.0)
    aws-partitions (1.516.0)
    aws-sdk-core (3.121.1)
      aws-eventstream (~> 1, >= 1.0.2)
      aws-partitions (~> 1, >= 1.239.0)
      aws-sigv4 (~> 1.1)
      jmespath (~> 1.0)
    aws-sdk-kms (1.49.0)
      aws-sdk-core (~> 3, >= 3.120.0)
      aws-sigv4 (~> 1.1)
    aws-sdk-s3 (1.103.0)
      aws-sdk-core (~> 3, >= 3.120.0)
      aws-sdk-kms (~> 1)
      aws-sigv4 (~> 1.4)
    aws-sigv4 (1.4.0)
      aws-eventstream (~> 1, >= 1.0.2)
    dotenv (2.7.6)
    ethon (0.15.0)
      ffi (>= 1.15.0)
    ffi (1.15.4)
    hubspot-api-client (11.1.0)
      json (~> 2.1, >= 2.1.0)
      require_all (~> 3.0.0)
      typhoeus (~> 1.4.0)
    jmespath (1.4.0)
    json (2.6.0)
    logger (1.4.3)
    require_all (3.0.0)
    typhoeus (1.4.0)
      ethon (>= 0.9.0)

PLATFORMS
  universal-darwin-20

DEPENDENCIES
  aws-sdk-s3 (~> 1)
  dotenv (~> 2.1, >= 2.1.1)
  hubspot-api-client (~> 11.1)
  logger
